GIT
  remote: git://github.com/thomasrogers03/batch_reactor.git
  revision: f4e812bac1bbafdca90a63e80d2b64e2231025a5
  specs:
    batch_reactor (0.0.1)
      ione (~> 1.2)

GIT
  remote: git://github.com/thomasrogers03/thomas_utils.git
  revision: 7a16b6d56f38e9df6dfd0771f5bab623fd0a0413
  specs:
    thomas_utils (0.1.13.2)
      concurrent-ruby (~> 0.8)
      workers (~> 0.3)

PATH
  remote: .
  specs:
    cassandra_model (0.9.9)
      activesupport (~> 4.0)
      batch_reactor (~> 0.0.1)
      cassandra-driver (~> 1.1)
      thomas_utils (~> 0.1.13)

GEM
  remote: https://rubygems.org/
  specs:
    activesupport (4.2.5)
      i18n (~> 0.7)
      json (~> 1.7, >= 1.7.7)
      minitest (~> 5.1)
      thread_safe (~> 0.3, >= 0.3.4)
      tzinfo (~> 1.1)
    cassandra-driver (1.2.0)
      ione (~> 1.2)
    cassandra-driver (1.2.0-java)
      ione (~> 1.2)
    coderay (1.1.0)
    concurrent-ruby (0.9.2)
    concurrent-ruby (0.9.2-java)
    diff-lcs (1.2.5)
    docile (1.1.5)
    faker (1.5.0)
      i18n (~> 0.5)
    ffi (1.9.10)
    ffi (1.9.10-java)
    ffi (1.9.10-x64-mingw32)
    formatador (0.2.5)
    guard (2.13.0)
      formatador (>= 0.2.4)
      listen (>= 2.7, <= 4.0)
      lumberjack (~> 1.0)
      nenv (~> 0.1)
      notiffany (~> 0.0)
      pry (>= 0.9.12)
      shellany (~> 0.0)
      thor (>= 0.18.1)
    guard-bundler (2.1.0)
      bundler (~> 1.0)
      guard (~> 2.2)
      guard-compat (~> 1.1)
    guard-compat (1.2.1)
    guard-rspec (4.6.4)
      guard (~> 2.1)
      guard-compat (~> 1.1)
      rspec (>= 2.99.0, < 4.0)
    i18n (0.7.0)
    ione (1.2.3)
    json (1.8.3)
    json (1.8.3-java)
    listen (3.0.5)
      rb-fsevent (>= 0.9.3)
      rb-inotify (>= 0.9)
    lumberjack (1.0.9)
    method_source (0.8.2)
    minitest (5.8.3)
    nenv (0.2.0)
    notiffany (0.0.8)
      nenv (~> 0.1)
      shellany (~> 0.0)
    pry (0.10.3)
      coderay (~> 1.1.0)
      method_source (~> 0.8.1)
      slop (~> 3.4)
    pry (0.10.3-java)
      coderay (~> 1.1.0)
      method_source (~> 0.8.1)
      slop (~> 3.4)
      spoon (~> 0.0)
    rb-fsevent (0.9.6)
    rb-inotify (0.9.5)
      ffi (>= 0.5.0)
    rdoc (4.2.0)
      json (~> 1.4)
    rspec (3.1.0)
      rspec-core (~> 3.1.0)
      rspec-expectations (~> 3.1.0)
      rspec-mocks (~> 3.1.0)
    rspec-core (3.1.7)
      rspec-support (~> 3.1.0)
    rspec-expectations (3.1.2)
      diff-lcs (>= 1.2.0, < 2.0)
      rspec-support (~> 3.1.0)
    rspec-its (1.2.0)
      rspec-core (>= 3.0.0)
      rspec-expectations (>= 3.0.0)
    rspec-mocks (3.1.3)
      rspec-support (~> 3.1.0)
    rspec-support (3.1.2)
    shellany (0.0.1)
    simplecov (0.11.1)
      docile (~> 1.1.0)
      json (~> 1.8)
      simplecov-html (~> 0.10.0)
    simplecov-html (0.10.0)
    slop (3.6.0)
    spoon (0.0.4)
      ffi
    thor (0.19.1)
    thread_safe (0.3.5)
    thread_safe (0.3.5-java)
    timecop (0.8.0)
    tzinfo (1.2.2)
      thread_safe (~> 0.1)
    workers (0.6.0)

PLATFORMS
  java
  ruby
  x64-mingw32

DEPENDENCIES
  activesupport
  batch_reactor!
  cassandra-driver (~> 1.1)
  cassandra_model!
  concurrent-ruby
  faker
  guard
  guard-bundler
  guard-rspec
  pry
  rdoc
  rspec (~> 3.1.0)
  rspec-its
  simplecov
  thomas_utils (~> 0.1.4)!
  timecop

BUNDLED WITH
   1.10.6
