PATH
  remote: .
  specs:
    cassandra_model (0.1.4)
      activesupport (>= 4.0)
      cassandra-driver (~> 1.1)
      thomas_utils (>= 0.1.3)

GIT
  remote: https://github.com/thomasrogers03/thomas_utils.git
  revision: 3f1e8904d0cae29cb20b889d2d4a17d1f46805da
  specs:
    thomas_utils (0.1.3)

GEM
  remote: http://rubygems.org/
  specs:
    activesupport (4.2.0)
      i18n (~> 0.7)
      json (~> 1.7, >= 1.7.7)
      minitest (~> 5.1)
      thread_safe (~> 0.3, >= 0.3.4)
      tzinfo (~> 1.1)
    cassandra-driver (1.2.0)
      ione (~> 1.2)
    celluloid (0.16.0)
      timers (~> 4.0.0)
    coderay (1.1.0)
    diff-lcs (1.2.5)
    ffi (1.9.6-x64-mingw32)
    formatador (0.2.5)
    guard (2.11.1)
      formatador (>= 0.2.4)
      listen (~> 2.7)
      lumberjack (~> 1.0)
      nenv (~> 0.1)
      notiffany (~> 0.0)
      pry (>= 0.9.12)
      shellany (~> 0.0)
      thor (>= 0.18.1)
    guard-compat (1.2.1)
    guard-rspec (4.5.0)
      guard (~> 2.1)
      guard-compat (~> 1.1)
      rspec (>= 2.99.0, < 4.0)
    hitimes (1.2.2)
    i18n (0.7.0)
    ione (1.2.0)
    json (1.8.2)
    listen (2.8.5)
      celluloid (>= 0.15.2)
      rb-fsevent (>= 0.9.3)
      rb-inotify (>= 0.9)
    lumberjack (1.0.9)
    method_source (0.8.2)
    minitest (5.5.1)
    nenv (0.2.0)
    notiffany (0.0.3)
      nenv (~> 0.1)
      shellany (~> 0.0)
    pry (0.10.1-x64-mingw32)
      coderay (~> 1.1.0)
      method_source (~> 0.8.1)
      slop (~> 3.4)
      win32console (~> 1.3)
    rb-fsevent (0.9.4)
    rb-inotify (0.9.5)
      ffi (>= 0.5.0)
    rspec (3.1.0)
      rspec-core (~> 3.1.0)
      rspec-expectations (~> 3.1.0)
      rspec-mocks (~> 3.1.0)
    rspec-core (3.1.7)
      rspec-support (~> 3.1.0)
    rspec-expectations (3.1.2)
      diff-lcs (>= 1.2.0, < 2.0)
      rspec-support (~> 3.1.0)
    rspec-mocks (3.1.3)
      rspec-support (~> 3.1.0)
    rspec-support (3.1.2)
    shellany (0.0.1)
    slop (3.6.0)
    thor (0.19.1)
    thread_safe (0.3.4)
    timers (4.0.1)
      hitimes
    tzinfo (1.2.2)
      thread_safe (~> 0.1)
    win32console (1.3.2)

PLATFORMS
  x64-mingw32

DEPENDENCIES
  activesupport
  cassandra-driver (~> 1.1)
  cassandra_model!
  guard-rspec
  rspec
  thomas_utils!
